GEM
  remote: http://rubygems.org/
  specs:
    activesupport (3.2.9)
      i18n (~> 0.6)
      multi_json (~> 1.0)
    builder (3.1.4)
    celluloid (0.12.3)
      facter (>= 1.6.12)
      timers (>= 1.0.0)
    dalli (2.5.0)
    facter (1.6.14)
    i18n (0.6.1)
    jruby-rack (1.1.10)
    mime-types (1.19)
    multi_json (1.3.7)
    nokogiri (1.5.5)
    nokogiri (1.5.5-java)
    rack (1.4.1)
    rack-protection (1.2.0)
      rack
    rest-client (1.6.7)
      mime-types (>= 1.16)
    sinatra (1.3.3)
      rack (~> 1.3, >= 1.3.6)
      rack-protection (~> 1.2)
      tilt (~> 1.3, >= 1.3.3)
    tilt (1.3.3)
    timers (1.0.1)
    trinidad (1.4.4)
      jruby-rack (>= 1.1.10)
      trinidad_jars (>= 1.1.0)
    trinidad_jars (1.1.1)

PLATFORMS
  java

DEPENDENCIES
  activesupport (~> 3.2.9)
  builder (~> 3.1.4)
  celluloid (~> 0.12.3)
  dalli (~> 2.5.0)
  nokogiri (~> 1.5.5)
  rest-client (~> 1.6.7)
  sinatra (~> 1.3.3)
  trinidad
