GEM
  remote: https://rubygems.org/
  specs:
    activesupport (3.2.11)
      i18n (~> 0.6)
      multi_json (~> 1.0)
    builder (3.1.4)
    celluloid (0.12.4)
      facter (>= 1.6.12)
      timers (>= 1.0.0)
    dalli (2.5.0)
    facter (1.6.17)
    i18n (0.6.1)
    mime-types (1.20.1)
    multi_json (1.5.0)
    nokogiri (1.5.6-java)
    puma (1.6.3-java)
      rack (~> 1.2)
    rack (1.5.2)
    rack-protection (1.3.2)
      rack
    rest-client (1.6.7)
      mime-types (>= 1.16)
    sinatra (1.3.4)
      rack (~> 1.4)
      rack-protection (~> 1.3)
      tilt (~> 1.3, >= 1.3.3)
    tilt (1.3.3)
    timers (1.1.0)

PLATFORMS
  java

DEPENDENCIES
  activesupport (~> 3.2.9)
  builder (~> 3.1.4)
  celluloid (~> 0.12.3)
  dalli (~> 2.5.0)
  nokogiri (~> 1.5.5)
  puma (~> 1.6.3)
  rest-client (~> 1.6.7)
  sinatra (~> 1.3.3)
